GEM
  remote: https://rubygems.org/
  specs:
    diff-lcs (1.5.0)
    dry-inflector (1.0.0)
    minitestify (0.3.0)
      dry-inflector (~> 1.0)
      syntax_tree (~> 5.0)
    prettier_print (1.1.0)
    rspec (3.12.0)
      rspec-core (~> 3.12.0)
      rspec-expectations (~> 3.12.0)
      rspec-mocks (~> 3.12.0)
    rspec-core (3.12.0)
      rspec-support (~> 3.12.0)
    rspec-expectations (3.12.0)
      diff-lcs (>= 1.2.0, < 2.0)
      rspec-support (~> 3.12.0)
    rspec-mocks (3.12.0)
      diff-lcs (>= 1.2.0, < 2.0)
      rspec-support (~> 3.12.0)
    rspec-support (3.12.0)
    syntax_tree (5.0.1)
      prettier_print (>= 1.1.0)

PLATFORMS
  ruby

DEPENDENCIES
  minitestify (~> 0.3.0)
  rspec (~> 3.12)

BUNDLED WITH
   2.3.11
